GIT
  remote: git://github.com/infinitered/bluepotion.git
  revision: 89b92b29fcc7f3cd76d59a43466ea9b633a1dfe3
  specs:
    bluepotion (0.1.7)

PATH
  remote: ../swiss_db/
  specs:
    swiss_db (1.0.0)

GEM
  remote: https://rubygems.org/
  specs:
    moran (0.8)
      motion-gradle (~> 2.0)
    motion-async (0.6)
    motion-gradle (2.1.0)
    newclear (1.3)
      reset-sim
    rake (10.5.0)
    reset-sim (1.1.1)

PLATFORMS
  ruby

DEPENDENCIES
  bluepotion!
  moran
  motion-async
  motion-gradle
  newclear
  rake
  swiss_db!

BUNDLED WITH
   1.11.2
